GEM
  remote: https://rubygems.org/
  specs:
    romankana (0.1.3)

PLATFORMS
  ruby

DEPENDENCIES
  romankana
